GEM
  remote: http://rubygems.org/
  specs:
    haml (4.0.5)
      tilt
    json (1.8.1)
    mail (2.6.1)
      mime-types (>= 1.16, < 3)
    mime-types (2.3)
    rack (1.5.2)
    rack-protection (1.5.3)
      rack
    sass (3.3.14)
    sequel (4.13.0)
    sinatra (1.4.5)
      rack (~> 1.4)
      rack-protection (~> 1.4)
      tilt (~> 1.3, >= 1.3.4)
    sqlite3 (1.3.9)
    tilt (1.4.1)

PLATFORMS
  ruby

DEPENDENCIES
  haml
  json
  mail
  sass
  sequel
  sinatra
  sqlite3
